GEM
  remote: https://rubygems.org/
  specs:
    slop (3.6.0)

PLATFORMS
  ruby

DEPENDENCIES
  slop
